GEM
  remote: https://rubygems.org/
  specs:
    concurrent-ruby (1.3.4)
    tzinfo (2.0.6)
      concurrent-ruby (~> 1.0)

PLATFORMS
  ruby

DEPENDENCIES
  tzinfo (~> 2.0.4)

BUNDLED WITH
   1.16.1
